GEM
  remote: https://rubygems.org/
  specs:
    benchmark (0.4.0)
    pastel (0.8.0)
      tty-color (~> 0.5)
    terminal-table (4.0.0)
      unicode-display_width (>= 1.1.1, < 4)
    tty-color (0.6.0)
    tty-cursor (0.7.1)
    tty-prompt (0.23.1)
      pastel (~> 0.8)
      tty-reader (~> 0.8)
    tty-reader (0.9.0)
      tty-cursor (~> 0.7)
      tty-screen (~> 0.8)
      wisper (~> 2.0)
    tty-screen (0.8.2)
    unicode-display_width (3.1.4)
      unicode-emoji (~> 4.0, >= 4.0.4)
    unicode-emoji (4.0.4)
    wisper (2.0.1)

PLATFORMS
  arm64-darwin-24
  ruby

DEPENDENCIES
  benchmark
  terminal-table
  tty-prompt

BUNDLED WITH
   2.6.3
